GEM
  remote: https://rubygems.org/
  specs:
    minitest (5.25.5)

PLATFORMS
  x64-mingw-ucrt

DEPENDENCIES
  minitest

BUNDLED WITH
   2.6.8
